GIT
  remote: https://github.com/ludicast/yaml_db.git
  revision: d518a1a5d016bfdfa257730db14db5fdd6b35df4
  branch: Rails2
  specs:
    yaml_db (0.1.0)

GEM
  remote: http://rubygems.org/
  specs:
    RedCloth (4.2.9)
    actionmailer (2.3.14)
      actionpack (= 2.3.14)
    actionpack (2.3.14)
      activesupport (= 2.3.14)
      rack (~> 1.1.0)
    activerecord (2.3.14)
      activesupport (= 2.3.14)
    activeresource (2.3.14)
      activesupport (= 2.3.14)
    activesupport (2.3.14)
    acts_as_reportable (1.1.1)
      ruport (>= 1.6.0)
    color (1.4.1)
    columnize (0.3.6)
    debugger (1.2.0)
      columnize (>= 0.3.1)
      debugger-linecache (~> 1.1.1)
      debugger-ruby_core_source (~> 1.1.3)
    debugger-linecache (1.1.2)
      debugger-ruby_core_source (>= 1.1.1)
    debugger-ruby_core_source (1.1.3)
    eventmachine (0.12.10)
    facter (1.6.10)
    fast_xs (0.8.0)
    fastercsv (1.5.5)
    haml (3.1.7)
    hpricot (0.8.6)
    is_graffitiable (0.1.4)
    memcache-client (1.8.5)
    mysql (2.8.1)
    pdf-writer (1.1.8)
      color (>= 1.4.0)
      transaction-simple (~> 1.3)
    rack (1.1.3)
    rails (2.3.14)
      actionmailer (= 2.3.14)
      actionpack (= 2.3.14)
      activerecord (= 2.3.14)
      activeresource (= 2.3.14)
      activesupport (= 2.3.14)
      rake (>= 0.8.3)
    rake (0.9.2.2)
    ruby-graphviz (1.0.8)
    ruby-net-ldap (0.0.4)
    ruport (1.6.3)
      fastercsv
      pdf-writer (= 1.1.8)
    starling (0.10.1)
      eventmachine (>= 0.12.0)
      memcache-client (>= 1.7.0)
    transaction-simple (1.4.0.2)
    will_paginate (2.3.16)
    workling (0.4.9.9)

PLATFORMS
  ruby

DEPENDENCIES
  RedCloth (~> 4.2.9)
  acts_as_reportable (~> 1.1.1)
  debugger
  facter
  fast_xs
  fastercsv
  haml
  hpricot
  is_graffitiable
  mysql
  rails (~> 2.3.14)
  ruby-graphviz
  ruby-net-ldap (~> 0.0.4)
  ruport
  starling
  will_paginate (~> 2.3)
  workling
  yaml_db!
